GEM
  remote: http://rubygems.org/
  specs:
    activesupport (3.2.7)
      i18n (~> 0.6)
      multi_json (~> 1.0)
    hipchat-api (1.0.4)
      httparty
    httparty (0.8.3)
      multi_json (~> 1.0)
      multi_xml
    i18n (0.6.0)
    multi_json (1.3.6)
    multi_xml (0.5.1)
    pit (0.0.6)

PLATFORMS
  ruby

DEPENDENCIES
  activesupport
  hipchat-api
  pit
